GIT
  remote: git://github.com/plustwo/igor.git
  revision: 0fdbaa109769044c1002492c12348502d92eb94a
  branch: rebirth_clean
  specs:
    igor (0.0.1)
      amqp (~> 0.6.7)
      angry_hash (~> 0.3.2)
      lachie-tapp (~> 1.1.0)
      thor (~> 0.14.3)
      yajl-ruby (~> 0.7.8)

GEM
  remote: http://rubygems.org/
  specs:
    amqp (0.6.7)
      eventmachine (>= 0.12.4)
    angry_hash (0.3.2)
    angry_shell (0.0.1)
    bson (1.1.1)
    bunny (0.6.0)
    eventmachine (0.12.10)
    exemplor (3000.3.0)
    haml (3.0.22)
    lachie-tapp (1.1.0)
    mongo (1.1.1)
      bson (>= 1.1.1)
    peace_love (0.2.1)
      angry_hash (~> 0.3.2)
      mongo (~> 1.1.0)
    rack (1.2.1)
    sinatra (1.0)
      rack (>= 1.0)
    thor (0.14.6)
    yajl-ruby (0.7.8)

PLATFORMS
  ruby

DEPENDENCIES
  angry_shell (~> 0.0.1)
  bunny
  exemplor
  haml
  igor (~> 0.0.1)!
  lachie-tapp
  peace_love (~> 0.2.1)
  sinatra
  yajl-ruby
