GIT
  remote: git://github.com/lachie/tapp.git
  revision: cbfa50517d2e3b04a74d51c55ebb3bb5df3b1df9
  specs:
    lachie-tapp (1.2.0)

GIT
  remote: git://github.com/plustwo/exemplor.git
  revision: 5b74a08f566d99a0ec32eae2e44cc472fe1b9632
  branch: master3k
  specs:
    exemplor (3000.3.0)

GIT
  remote: git://github.com/plustwo/igor.git
  revision: 46df818150a6b75bbbf6aee4b831c55af2596c3d
  branch: rebirth_clean
  specs:
    igor (0.0.2)
      amqp (~> 0.6.7)
      angry_hash (~> 0.3.2)
      lachie-tapp (~> 1.2.0)
      thor (~> 0.14.3)
      yajl-ruby (~> 0.7.8)

GEM
  remote: http://rubygems.org/
  specs:
    SystemTimer (1.2.3)
    amqp (0.6.7)
      eventmachine (>= 0.12.4)
    angry_hash (0.3.3)
    angry_shell (0.0.1)
    awesome_print (0.3.2)
    bson (1.2.4)
    bson_ext (1.2.4)
    bunny (0.6.0)
    cgi_multipart_eof_fix (2.5.0)
    daemons (1.1.0)
    eventmachine (0.12.10)
    fastthread (1.0.7)
    gem_plugin (0.2.3)
    haml (3.0.25)
    mongo (1.2.4)
      bson (>= 1.2.4)
    mongrel (1.1.5)
      cgi_multipart_eof_fix (>= 2.4)
      daemons (>= 1.0.3)
      fastthread (>= 1.0.1)
      gem_plugin (>= 0.2.3)
    peace_love (0.2.3)
      angry_hash (~> 0.3.2)
      bson_ext (~> 1.2.0)
      mongo (~> 1.2.0)
    rack (1.2.1)
    shotgun (0.9)
      rack (>= 1.0)
    sinatra (1.1.2)
      rack (~> 1.1)
      tilt (~> 1.2)
    thor (0.14.6)
    tilt (1.2.2)
    yajl-ruby (0.7.9)

PLATFORMS
  ruby

DEPENDENCIES
  SystemTimer
  angry_shell (~> 0.0.1)
  awesome_print
  bson_ext (~> 1.2.0)
  bunny
  exemplor!
  haml
  igor (~> 0.0.2)!
  lachie-tapp!
  mongrel
  peace_love (~> 0.2.2)
  shotgun
  sinatra (~> 1.1.0)
  yajl-ruby
