GIT
  remote: git://github.com/plustwo/igor.git
  revision: 46153da3ddf169a186259d95b5730222a1391451
  branch: rebirth_clean
  specs:
    igor (0.0.1)
      amqp (~> 0.6.7)
      angry_hash (~> 0.3.2)
      lachie-tapp (~> 1.1.0)
      thor (~> 0.14.3)
      yajl-ruby (~> 0.7.8)

GEM
  remote: http://rubygems.org/
  specs:
    amqp (0.6.7)
      eventmachine (>= 0.12.4)
    angry_hash (0.3.2)
    angry_shell (0.0.1)
    backports (1.18.2)
    bson (1.1.1)
    bunny (0.6.0)
    compass (0.10.6)
      haml (>= 3.0.4)
    eventmachine (0.12.10)
    exemplor (3000.3.0)
    haml (3.0.22)
    haml-more (0.5.1)
      haml (>= 2.2.20)
      monkey-lib (~> 0.5.2)
    lachie-tapp (1.1.0)
    mongo (1.1.1)
      bson (>= 1.1.1)
    monkey-lib (0.5.4)
      backports
    peace_love (0.2.1)
      angry_hash (~> 0.3.2)
      mongo (~> 1.1.0)
    rack (1.2.1)
    sinatra (1.1.0)
      rack (~> 1.1)
      tilt (~> 1.1)
    sinatra-compass (0.5.0)
      compass (>= 0.8.17)
      haml-more (~> 0.5.0)
      monkey-lib (~> 0.5.0)
      sinatra (~> 1.0)
      sinatra-sugar (~> 0.5.0)
    sinatra-sugar (0.5.0)
      monkey-lib (~> 0.5.0)
      sinatra (~> 1.0)
    thor (0.14.6)
    tilt (1.1)
    yajl-ruby (0.7.8)

PLATFORMS
  ruby

DEPENDENCIES
  angry_shell (~> 0.0.1)
  bunny
  exemplor
  haml
  igor (~> 0.0.1)!
  lachie-tapp
  peace_love (~> 0.2.1)
  sinatra (~> 1.1.0)
  sinatra-compass
  yajl-ruby
