GIT
  remote: git://github.com/lachie/tapp.git
  revision: cbfa50517d2e3b04a74d51c55ebb3bb5df3b1df9
  specs:
    lachie-tapp (1.2.0)

GIT
  remote: git://github.com/plustwo/exemplor.git
  revision: 5b74a08f566d99a0ec32eae2e44cc472fe1b9632
  branch: master3k
  specs:
    exemplor (3000.3.0)

GIT
  remote: git://github.com/plustwo/igor.git
  revision: bd719d4751a3667497cdc799dacdadb7a4769ea8
  branch: rebirth_clean
  specs:
    igor (0.0.2)
      amqp (~> 0.6.7)
      angry_hash (~> 0.3.2)
      lachie-tapp (~> 1.2.0)
      thor (~> 0.14.3)
      yajl-ruby (~> 0.7.8)

GEM
  remote: http://rubygems.org/
  specs:
    amqp (0.6.7)
      eventmachine (>= 0.12.4)
    angry_hash (0.3.2)
    angry_shell (0.0.1)
    awesome_print (0.3.2)
    bson (1.2.1)
    bson_ext (1.1.5)
    bunny (0.6.0)
    eventmachine (0.12.10)
    haml (3.0.25)
    mongo (1.1.5)
      bson (>= 1.1.5)
    peace_love (0.2.2)
      angry_hash (~> 0.3.2)
      mongo (~> 1.1.5)
    rack (1.2.1)
    sinatra (1.1.2)
      rack (~> 1.1)
      tilt (~> 1.2)
    thor (0.14.6)
    tilt (1.2.2)
    yajl-ruby (0.7.9)

PLATFORMS
  ruby

DEPENDENCIES
  angry_shell (~> 0.0.1)
  awesome_print
  bson_ext (= 1.1.5)
  bunny
  exemplor!
  haml
  igor (~> 0.0.2)!
  lachie-tapp!
  peace_love (~> 0.2.2)
  sinatra (~> 1.1.0)
  yajl-ruby
